GEM
  remote: http://rubygems.org/
  specs:
    activesupport (5.0.1)
      concurrent-ruby (~> 1.0, >= 1.0.2)
      i18n (~> 0.7)
      minitest (~> 5.1)
      tzinfo (~> 1.1)
    archive-tar-minitar (0.6.1)
      minitar (~> 0.6)
      minitar-cli (~> 0.6)
    ast (2.3.0)
    axe-matchers (1.3.2)
      dumb_delegator (~> 0.8)
      virtus (~> 1.0)
    axiom-types (0.1.1)
      descendants_tracker (~> 0.0.4)
      ice_nine (~> 0.11.0)
      thread_safe (~> 0.3, >= 0.3.1)
    be_valid_asset (1.3.1)
      rspec
    binding_of_caller (0.7.2)
      debug_inspector (>= 0.0.1)
    builder (3.2.3)
    byebug (9.0.6)
    childprocess (0.6.3)
      ffi (~> 1.0, >= 1.0.11)
    coderay (1.1.1)
    coercible (1.0.0)
      descendants_tracker (~> 0.0.1)
    concurrent-ruby (1.0.5)
    cucumber (2.4.0)
      builder (>= 2.1.2)
      cucumber-core (~> 1.5.0)
      cucumber-wire (~> 0.0.1)
      diff-lcs (>= 1.1.3)
      gherkin (~> 4.0)
      multi_json (>= 1.7.5, < 2.0)
      multi_test (>= 0.1.2)
    cucumber-core (1.5.0)
      gherkin (~> 4.0)
    cucumber-wire (0.0.1)
    cuke_sniffer (1.1.0)
      nokogiri (~> 1.6, >= 1.6.8)
      roxml (~> 3.3, >= 3.3.1)
    data_magic (1.0)
      faker (>= 1.1.2)
      yml_reader (>= 0.6)
    debug_inspector (0.0.2)
    descendants_tracker (0.0.4)
      thread_safe (~> 0.3, >= 0.3.1)
    diff-lcs (1.3)
    domain_name (0.5.20170223)
      unf (>= 0.0.5, < 1.0.0)
    dumb_delegator (0.8.0)
    equalizer (0.0.11)
    facets (3.1.0)
    faker (1.7.3)
      i18n (~> 0.5)
    ffi (1.9.18-x64-mingw32)
    gherkin (4.0.0)
    hashie (3.5.5)
    http-cookie (1.0.3)
      domain_name (~> 0.5)
    i18n (0.8.1)
    ice_nine (0.11.2)
    json (1.8.6)
    jwt (1.5.6)
    magic_encoding (0.0.2)
    method_source (0.8.2)
    mime-types (2.99.3)
    mini_portile2 (2.1.0)
    minitar (0.6.1)
    minitar-cli (0.6.1)
      minitar (~> 0.6.0)
      powerbar (~> 1.0)
    minitest (5.10.1)
    multi_json (1.12.1)
    multi_test (0.1.2)
    net-http-persistent (2.9.4)
    netrc (0.11.0)
    nokogiri (1.7.0.1-x64-mingw32)
      mini_portile2 (~> 2.1.0)
    page-object (2.0.0)
      net-http-persistent (~> 2.9.4)
      page_navigation (>= 0.9)
      selenium-webdriver (~> 3.0)
      watir (~> 6.0)
    page_navigation (0.10)
      data_magic (>= 0.22)
    parallel (1.10.0)
    parallel_tests (2.13.0)
      parallel
    parser (2.4.0.0)
      ast (~> 2.2)
    powerbar (1.0.18)
      hashie (>= 1.1.0)
    powerpack (0.1.1)
    pry (0.10.4)
      coderay (~> 1.1.0)
      method_source (~> 0.8.1)
      slop (~> 3.4)
    pry-byebug (3.4.2)
      byebug (~> 9.0)
      pry (~> 0.10)
    pry-stack_explorer (0.4.9.2)
      binding_of_caller (>= 0.7)
      pry (>= 0.9.11)
    rainbow (2.2.1)
    rake (12.0.0)
    redcarpet (3.4.0)
    relish (0.7.1)
      archive-tar-minitar (>= 0.5.2)
      json (>= 1.4.6)
      rest-client (>= 1.7.2)
    require_all (1.4.0)
    rest-client (1.8.0-x64-mingw32)
      ffi (~> 1.9)
      http-cookie (>= 1.0.2, < 2.0)
      mime-types (>= 1.16, < 3.0)
      netrc (~> 0.7)
    roxml (3.3.1)
      activesupport (>= 2.3.0)
      nokogiri (>= 1.3.3)
    rspec (3.5.0)
      rspec-core (~> 3.5.0)
      rspec-expectations (~> 3.5.0)
      rspec-mocks (~> 3.5.0)
    rspec-core (3.5.4)
      rspec-support (~> 3.5.0)
    rspec-expectations (3.5.0)
      diff-lcs (>= 1.2.0, < 2.0)
      rspec-support (~> 3.5.0)
    rspec-mocks (3.5.0)
      diff-lcs (>= 1.2.0, < 2.0)
      rspec-support (~> 3.5.0)
    rspec-support (3.5.0)
    rubocop (0.47.1)
      parser (>= 2.3.3.1, < 3.0)
      powerpack (~> 0.1)
      rainbow (>= 1.99.1, < 3.0)
      ruby-progressbar (~> 1.7)
      unicode-display_width (~> 1.0, >= 1.0.1)
    rubocop-checkstyle_formatter (0.3.0)
      rubocop (>= 0.30.1)
    ruby-progressbar (1.8.1)
    rubyzip (1.2.1)
    sauce_whisk (0.0.21)
      json (~> 1.8.1)
      rest-client (~> 1.8.0)
    selenium-webdriver (3.4.0)
      childprocess (~> 0.5)
      rubyzip (~> 1.0)
      websocket (~> 1.0)
    slop (3.6.0)
    thread_safe (0.3.6)
    twilio-ruby (4.13.0)
      builder (>= 2.1.2)
      jwt (~> 1.0)
      multi_json (>= 1.3.0)
    tzinfo (1.2.2)
      thread_safe (~> 0.1)
    unf (0.1.4)
      unf_ext
    unf_ext (0.0.7.2-x64-mingw32)
    unicode-display_width (1.1.3)
    virtus (1.0.5)
      axiom-types (~> 0.1)
      coercible (~> 1.0)
      descendants_tracker (~> 0.0, >= 0.0.3)
      equalizer (~> 0.0, >= 0.0.9)
    watir (6.2.1)
      selenium-webdriver (~> 3.0)
    websocket (1.2.4)
    yard (0.9.8)
    yard-cucumber (3.1.0)
      cucumber (~> 2)
      gherkin (~> 4.0)
      yard (~> 0.8, >= 0.8.1)
    yml_reader (0.7)

PLATFORMS
  x64-mingw32

DEPENDENCIES
  axe-matchers
  be_valid_asset
  cucumber
  cuke_sniffer
  data_magic
  facets
  json
  magic_encoding
  nokogiri
  page-object
  parallel_tests
  pry
  pry-byebug
  pry-stack_explorer
  rake
  redcarpet
  relish
  require_all
  rspec
  rubocop
  rubocop-checkstyle_formatter
  sauce_whisk
  twilio-ruby
  watir
  yard-cucumber

BUNDLED WITH
   1.14.6
